GEM
  remote: https://rubygems.org/
  specs:
    em-websocket (0.5.1)
      eventmachine (>= 0.12.9)
      http_parser.rb (~> 0.6.0)
    eventmachine (1.2.0.1)
    http_parser.rb (0.6.0)

PLATFORMS
  ruby

DEPENDENCIES
  em-websocket
  eventmachine

RUBY VERSION
   ruby 2.0.0p643

BUNDLED WITH
   1.12.5
